GEM
  remote: http://rubygems.org/
  specs:
    activesupport (2.3.8)
    autotest (4.3.2)
    bson (1.0.4)
    bson_ext (1.0.4)
    builder (2.1.2)
    capybara (0.3.9)
      culerity (>= 0.2.4)
      mime-types (>= 1.16)
      nokogiri (>= 1.3.3)
      rack (>= 1.0.0)
      rack-test (>= 0.5.4)
      selenium-webdriver (>= 0.0.3)
    cucumber (0.8.5)
      builder (~> 2.1.2)
      diff-lcs (~> 1.1.2)
      gherkin (~> 2.1.4)
      json_pure (~> 1.4.3)
      term-ansicolor (~> 1.0.4)
    culerity (0.2.12)
    daemons (1.1.0)
    diff-lcs (1.1.2)
    durran-validatable (2.0.1)
    eventmachine (0.12.10)
    ffi (0.6.3)
      rake (>= 0.8.7)
    gherkin (2.1.5)
      trollop (~> 1.16.2)
    haml (3.0.17)
    http_router (0.3.13)
      rack (>= 1.0)
      url_mount (>= 0.2.1)
    i18n (0.4.1)
    json_pure (1.4.6)
    mail (2.2.5)
      activesupport (>= 2.3.6)
      mime-types
      treetop (>= 1.4.5)
    mime-types (1.16)
    mongo (1.0.7)
      bson (>= 1.0.4)
    mongoid (1.9.1)
      activesupport (<= 3.0.0)
      bson (~> 1.0.1)
      durran-validatable (>= 2.0.1)
      mongo (~> 1.0.1)
      will_paginate (< 2.9)
    nokogiri (1.4.3.1)
    open4 (0.9.6)
    padrino (0.9.14)
      padrino-admin (= 0.9.14)
      padrino-core (= 0.9.14)
      padrino-gen (= 0.9.14)
      padrino-helpers (= 0.9.14)
      padrino-mailer (= 0.9.14)
    padrino-admin (0.9.14)
      padrino-core (= 0.9.14)
      padrino-gen (= 0.9.14)
      padrino-helpers (= 0.9.14)
    padrino-core (0.9.14)
      activesupport (>= 2.3.8)
      http_router (>= 0.3.0)
      sinatra (>= 1.0.0)
      thor (>= 0.13.0)
    padrino-gen (0.9.14)
      bundler (>= 0.9.7)
      padrino-core (= 0.9.14)
    padrino-helpers (0.9.14)
      i18n (>= 0.4.1)
      padrino-core (= 0.9.14)
    padrino-mailer (0.9.14)
      mail (>= 2.2.0)
      padrino-core (= 0.9.14)
    polyglot (0.3.1)
    rack (1.2.1)
    rack-flash (0.1.1)
      rack
    rack-test (0.5.4)
      rack (>= 1.0)
    rake (0.8.7)
    rake-remote_task (2.0.1)
      open4 (~> 0.9.0)
      rake (~> 0.8.0)
    rspec-core (2.0.0.beta.20)
    rspec-expectations (2.0.0.beta.20)
      diff-lcs (>= 1.1.2)
    rspec-mocks (2.0.0.beta.20)
    rubyzip (0.9.4)
    selenium-webdriver (0.0.28)
      ffi (>= 0.6.1)
      json_pure
      rubyzip
    sinatra (1.0)
      rack (>= 1.0)
    term-ansicolor (1.0.5)
    thin (1.2.7)
      daemons (>= 1.0.9)
      eventmachine (>= 0.12.6)
      rack (>= 1.0.0)
    thor (0.14.0)
    treetop (1.4.8)
      polyglot (>= 0.3.1)
    trollop (1.16.2)
    url_mount (0.2.1)
      rack
    vlad (2.1.0)
      open4 (~> 0.9.0)
      rake (~> 0.8.0)
      rake-remote_task (~> 2.0)
    vlad-git (2.2.0)
      vlad (>= 2.1.0)
    will_paginate (2.3.14)

PLATFORMS
  ruby

DEPENDENCIES
  autotest
  bson_ext
  capybara
  cucumber
  haml
  mongoid
  padrino (= 0.9.14)
  rack-flash
  rack-test
  rake
  rspec-core
  rspec-expectations
  rspec-mocks
  thin
  vlad
  vlad-git
